REDIRECTS: ON
RESTRICTION: == net45
NUGET
  remote: https://www.nuget.org/api/v2
    Argu (3.7)
    FSharp.Core (4.0.0.1)
    FsPickler (4.6)
      FSharp.Core (>= 3.1)
    FsPickler.Json (5.2.2)
      FSharp.Core (>= 3.1.2)
      Newtonsoft.Json (>= 6.0.5)
      SourceLink.Embed.PaketFiles
    Mono.Cecil (0.11.1)
    Newtonsoft.Json (12.0.3)
    SourceLink.Embed.PaketFiles (2.8.3)
    Streams (0.4.1)
    Thespian (0.1.16)
      FSharp.Core (>= 3.1)
      FsPickler (>= 4.0 < 5.0)
    Vagabond (0.15.1)
      FsPickler (>= 4.0 < 5.0)
      Mono.Cecil (>= 0.10.0-beta6)

GROUP Build
REDIRECTS: ON
RESTRICTION: == net45
NUGET
  remote: https://www.nuget.org/api/v2
    FAKE (4.64.18)
    NuGet.CommandLine (5.4)
    Octokit (0.40)
    SourceLink.Fake (1.1)
GITHUB
  remote: fsharp/FAKE
    modules/Octokit/Octokit.fsx (b8f82a3e2d1b3e834897bdb0e2b49f170f9be504)
      Octokit (>= 0.20)
GROUP Test
REDIRECTS: ON
RESTRICTION: == net45
NUGET
  remote: https://www.nuget.org/api/v2
    FsCheck (2.14)
      FSharp.Core (>= 4.0.0.1)
    FSharp.Compiler.Service (16.0.2)
      System.Collections.Immutable (>= 1.3.1)
      System.Reflection.Metadata (>= 1.4.2)
    FSharp.Core (4.7)
    FsPickler (4.6)
      FSharp.Core (>= 3.1)
    MathNet.Numerics (3.7.1)
    MathNet.Numerics.FSharp (3.7.1)
      FSharp.Core (>= 3.1.2.1)
      MathNet.Numerics (3.7.1)
    MathNet.Numerics.MKL.Win-x64 (1.8)
      MathNet.Numerics (>= 2.4)
    Mono.Cecil (0.11.1)
    NUnit (2.7.1)
    NUnit.Runners (2.7.1)
    Streams (0.5)
      FSharp.Core (>= 4.3.4)
    Streams.CSharp (0.5)
      Streams (0.5)
    System.Collections.Immutable (1.7)
    System.Reflection.Metadata (1.4.2)
      System.Collections.Immutable (>= 1.3.1)
    System.Runtime.Loader (4.3)
    Thespian (0.1.16)
      FSharp.Core (>= 3.1)
      FsPickler (>= 4.0 < 5.0)
    Unquote (3.2)
    Vagabond (0.15.1)
      FsPickler (>= 4.0 < 5.0)
      Mono.Cecil (>= 0.10.0-beta6)
