REDIRECTS: ON
RESTRICTION: == net472
NUGET
  remote: https://api.nuget.org/v3/index.json
    Argu (3.7)
      FSharp.Core (>= 4.0.1.7-alpha)
      NETStandard.Library (>= 1.6)
      System.Xml.XDocument (>= 4.0.11)
    FSharp.Core (4.3.2)
    FsPickler (4.6)
      FSharp.Core (>= 3.1)
    FsPickler.Json (5.2.2)
      FSharp.Core (>= 3.1.2)
      Newtonsoft.Json (>= 6.0.5)
      SourceLink.Embed.PaketFiles
    Microsoft.NETCore.Platforms (3.1)
    Mono.Cecil (0.11.1)
    NETStandard.Library (2.0.3)
      Microsoft.NETCore.Platforms (>= 1.1)
    Newtonsoft.Json (12.0.3)
    SourceLink.Embed.PaketFiles (2.8.3)
    Streams (0.4.1)
    System.Xml.XDocument (4.3)
    Thespian (0.1.16)
      FSharp.Core (>= 3.1)
      FsPickler (>= 4.0 < 5.0)
    Vagabond (0.15.1)
      FsPickler (>= 4.0 < 5.0)
      Mono.Cecil (>= 0.10.0-beta6)

GROUP Build
REDIRECTS: ON
RESTRICTION: == net472
NUGET
  remote: https://api.nuget.org/v3/index.json
    FAKE (5.16)
    Octokit (0.40)
GITHUB
  remote: fsharp/FAKE
    modules/Octokit/Octokit.fsx (b8f82a3e2d1b3e834897bdb0e2b49f170f9be504)
      Octokit (>= 0.20)
GROUP Test
REDIRECTS: ON
RESTRICTION: == net472
NUGET
  remote: https://api.nuget.org/v3/index.json
    FsCheck (2.14)
      FSharp.Core (>= 4.2.3)
    FSharp.Compiler.Service (16.0.2)
      System.Collections.Immutable (>= 1.3.1)
      System.Reflection.Metadata (>= 1.4.2)
    FSharp.Core (4.7)
    FsPickler (4.6)
      FSharp.Core (>= 3.1)
    MathNet.Numerics (3.7.1)
    MathNet.Numerics.FSharp (3.7.1)
      FSharp.Core (>= 3.1.2.1)
      MathNet.Numerics (3.7.1)
    MathNet.Numerics.MKL.Win-x64 (1.8)
      MathNet.Numerics (>= 2.4)
    Microsoft.CodeCoverage (16.5)
    Microsoft.NET.Test.Sdk (16.4)
      Microsoft.CodeCoverage (>= 16.4)
    Mono.Cecil (0.11.1)
    NUnit (3.12)
    NUnit3TestAdapter (3.16.1)
    Streams (0.5)
      FSharp.Core (>= 4.3.4)
    Streams.CSharp (0.5)
      Streams (0.5)
    System.Buffers (4.5)
    System.Collections.Immutable (1.7)
      System.Memory (>= 4.5.3)
    System.Memory (4.5.3)
      System.Buffers (>= 4.4)
      System.Numerics.Vectors (>= 4.4)
      System.Runtime.CompilerServices.Unsafe (>= 4.5.2)
    System.Numerics.Vectors (4.5)
    System.Reflection.Metadata (1.4.2)
      System.Collections.Immutable (>= 1.3.1)
    System.Runtime.CompilerServices.Unsafe (4.7)
    System.Runtime.Loader (4.3)
    Thespian (0.1.16)
      FSharp.Core (>= 3.1)
      FsPickler (>= 4.0 < 5.0)
    Unquote (3.2)
    Vagabond (0.15.1)
      FsPickler (>= 4.0 < 5.0)
      Mono.Cecil (>= 0.10.0-beta6)
